GEM
  remote: https://rubygems.org/
  specs:
    bcrypt (3.1.18)
    coderay (1.1.3)
    concurrent-ruby (1.2.2)
    dotenv (2.8.1)
    dry-auto_inject (1.0.1)
      dry-core (~> 1.0)
      zeitwerk (~> 2.6)
    dry-configurable (1.0.1)
      dry-core (~> 1.0, < 2)
      zeitwerk (~> 2.6)
    dry-core (1.0.0)
      concurrent-ruby (~> 1.0)
      zeitwerk (~> 2.6)
    dry-inflector (1.0.0)
    dry-system (1.0.1)
      dry-auto_inject (~> 1.0, < 2)
      dry-configurable (~> 1.0, < 2)
      dry-core (~> 1.0, < 2)
      dry-inflector (~> 1.0, < 2)
    json (2.6.3)
    method_source (1.0.0)
    nio4r (2.5.9)
    pg (1.5.3)
    pry (0.14.2)
      coderay (~> 1.1)
      method_source (~> 1.0)
    puma (6.3.0)
      nio4r (~> 2.0)
    rack (3.0.8)
    rackup (2.1.0)
      rack (>= 3)
      webrick (~> 1.8)
    roda (3.69.0)
      rack
    sequel (5.69.0)
    webrick (1.8.1)
    zeitwerk (2.6.8)

PLATFORMS
  arm64-darwin-21
  x86_64-darwin-20

DEPENDENCIES
  bcrypt
  dotenv
  dry-system
  json
  pg
  pry
  puma
  rack
  rackup
  roda
  sequel
  zeitwerk

BUNDLED WITH
   2.4.1
